{
	"TaskName": "Rest Post",
	"Modality": "MR",
	"MagneticFieldStrength": 3,
	"Manufacturer": "Philips",
	"ManufacturersModelName": "Ingenia",
	"InstitutionName": "Klinikum_rechts_der_Isar",
	"InstitutionalDepartmentName": "MRT",
	"DeviceSerialNumber": "42292",
	"StationName": "mrkh",
	"PatientPosition": "HFS",
	"ProcedureStepDescription": "Studie_MR",
	"SoftwareVersions": "5.1.8_5.1.8.1",
	"MRAcquisitionType": "2D",
	"ScanningSequence": "GR",
	"SequenceVariant": "SK",
	"ScanOptions": "FS",
	"ImageType": ["ORIGINAL", "PRIMARY", "M", "FFE", "M", "FFE"],
	"SliceThickness": 3,
	"SpacingBetweenSlices": 3.3,
	"EchoTime": 0.03,
	"RepetitionTime": 1.25,
	"FlipAngle": 70,
	"PercentPhaseFOV": 100,
	"EchoTrainLength": 31,
	"PhaseEncodingSteps": 62,
	"AcquisitionMatrixPE": 62,
	"ReconMatrixPE": 64,
	"InPlanePhaseEncodingDirectionDICOM": "COL",
	"MultibandAccelerationFactor": 2,
	"ConversionSoftware": "dcm2niix"
}
