{
	"Modality": "MR",
	"MagneticFieldStrength": 3,
	"Manufacturer": "Philips",
	"ManufacturersModelName": "Ingenia",
	"InstitutionName": "Klinikum_rechts_der_Isar",
	"InstitutionalDepartmentName": "MRT",
	"DeviceSerialNumber": "42292",
	"StationName": "mrkh",
	"PatientPosition": "HFS",
	"ProcedureStepDescription": "Studie_MR",
	"SoftwareVersions": "5.1.8_5.1.8.1",
	"MRAcquisitionType": "3D",
	"ScanningSequence": "GR",
	"SequenceVariant": "MP",
	"ScanOptions": "OTHER",
	"ImageType": ["ORIGINAL", "PRIMARY", "M", "FFE", "M", "FFE"],
	"SliceThickness": 1,
	"SpacingBetweenSlices": 1,
	"EchoTime": 0.003996,
	"RepetitionTime": 0.009,
	"FlipAngle": 8,
	"PercentPhaseFOV": 100,
	"EchoTrainLength": 159,
	"PhaseEncodingSteps": 238,
	"AcquisitionMatrixPE": 238,
	"ReconMatrixPE": 256,
	"InPlanePhaseEncodingDirectionDICOM": "ROW",
	"ConversionSoftware": "dcm2niix"
}
